GEM
  remote: https://rubygems.org/
  specs:
    haml (4.0.7)
      tilt
    sass (3.4.22)
    tilt (2.0.2)

PLATFORMS
  ruby

DEPENDENCIES
  haml
  sass

BUNDLED WITH
   1.11.2
