GEM
  remote: http://ruby.taobao.org/
  specs:
    haml (4.0.6)
      tilt
    sass (3.4.13)
    tilt (2.0.1)

PLATFORMS
  ruby

DEPENDENCIES
  haml
  sass

BUNDLED WITH
   1.10.3
